PATH
  remote: .
  specs:
    cocoapods-testing (0.2.0)
      xctasks (>= 0.5.0)

GEM
  remote: https://rubygems.org/
  specs:
    mini_portile (0.6.0)
    nokogiri (1.6.3.1)
      mini_portile (= 0.6.0)
    rake (10.3.2)
    xctasks (0.5.0)
      nokogiri (~> 1.6, >= 1.6.3.1)
      rake (~> 10.0, >= 10.0.0)

PLATFORMS
  ruby

DEPENDENCIES
  bundler (~> 1.3)
  cocoapods-testing!
  nokogiri (= 1.6.3.1)
  rake
